GEM
  remote: https://rubygems.org/
  specs:
    concurrent-ruby (1.2.3)
    connection_pool (2.4.1)
    rack (3.0.8)
    redis-client (0.19.1)
      connection_pool
    sidekiq (7.2.1)
      concurrent-ruby (< 2)
      connection_pool (>= 2.3.0)
      rack (>= 2.2.4)
      redis-client (>= 0.19.0)

PLATFORMS
  ruby

DEPENDENCIES
  sidekiq (~> 7.2)

BUNDLED WITH
   2.1.4
